GEM
  remote: https://rubygems.org/
  specs:
    sinatra (2.0.0)

PLATFORMS
  ruby

DEPENDENCIES
  sinatra (~> 2.0.0)

RUBY VERSION
   ruby 2.2.4p648

BUNDLED WITH
1.15.3